GEM
  remote: https://rubygems.org/
  specs:
    aws-eventstream (1.0.3)
    aws-partitions (1.184.0)
    aws-sdk-core (3.59.0)
      aws-eventstream (~> 1.0, >= 1.0.2)
      aws-partitions (~> 1.0)
      aws-sigv4 (~> 1.1)
      jmespath (~> 1.0)
    aws-sdk-kms (1.23.0)
      aws-sdk-core (~> 3, >= 3.58.0)
      aws-sigv4 (~> 1.1)
    aws-sdk-s3 (1.45.0)
      aws-sdk-core (~> 3, >= 3.58.0)
      aws-sdk-kms (~> 1)
      aws-sigv4 (~> 1.1)
    aws-sigv4 (1.1.0)
      aws-eventstream (~> 1.0, >= 1.0.2)
    cassandra-driver (3.2.3)
      ione (~> 1.2)
    daemons (1.2.6)
    digest-crc (0.4.1)
    ione (1.2.4)
    jmespath (1.4.0)
    mysql2 (0.5.2-x64-mingw32)
    parslet (1.8.2)
    ruby-kafka (0.7.8)
      digest-crc
    rubyzip (1.2.3)
    zlib (1.0.0)

PLATFORMS
  x64-mingw32

DEPENDENCIES
  aws-sdk-s3 (~> 1.0)
  cassandra-driver (~> 3.2.0)
  daemons (~> 1.2.0)
  mysql2 (~> 0.5.0)
  parslet (~> 1.8.0)
  ruby-kafka (~> 0.7.0)
  rubyzip (~> 1.2.0)
  zlib (~> 1.0.0)

BUNDLED WITH
   2.0.2
